GEM
  remote: https://rubygems.org/
  specs:
    actionmailer (3.2.9)
      actionpack (= 3.2.9)
      mail (~> 2.4.4)
    actionpack (3.2.9)
      activemodel (= 3.2.9)
      activesupport (= 3.2.9)
      builder (~> 3.0.0)
      erubis (~> 2.7.0)
      journey (~> 1.0.4)
      rack (~> 1.4.0)
      rack-cache (~> 1.2)
      rack-test (~> 0.6.1)
      sprockets (~> 2.2.1)
    activemodel (3.2.9)
      activesupport (= 3.2.9)
      builder (~> 3.0.0)
    activerecord (3.2.9)
      activemodel (= 3.2.9)
      activesupport (= 3.2.9)
      arel (~> 3.0.2)
      tzinfo (~> 0.3.29)
    activeresource (3.2.9)
      activemodel (= 3.2.9)
      activesupport (= 3.2.9)
    activesupport (3.2.9)
      i18n (~> 0.6)
      multi_json (~> 1.0)
    airbrake (3.1.6)
      builder
      girl_friday
    ansi (1.4.3)
    arel (3.0.2)
    awesome_print (1.1.0)
    bcrypt-ruby (3.0.1)
    better_errors (0.3.2)
      coderay (>= 1.0.0)
      erubis (>= 2.7.0)
    better_logging (1.0.3)
    binding_of_caller (0.6.8)
    bootstrap-sass (2.2.2.0)
      sass (~> 3.2)
    bourne (1.1.2)
      mocha (= 0.10.5)
    builder (3.0.4)
    capistrano (2.13.5)
      highline
      net-scp (>= 1.0.0)
      net-sftp (>= 2.0.0)
      net-ssh (>= 2.0.14)
      net-ssh-gateway (>= 1.1.0)
    carrierwave (0.7.1)
      activemodel (>= 3.2.0)
      activesupport (>= 3.2.0)
    client_side_validations (3.2.1)
    coderay (1.0.8)
    coffee-rails (3.2.2)
      coffee-script (>= 2.2.0)
      railties (~> 3.2.0)
    coffee-script (2.2.0)
      coffee-script-source
      execjs
    coffee-script-source (1.4.0)
    columnize (0.3.6)
    connection_pool (0.9.3)
    daemons (1.1.9)
    database_cleaner (0.9.1)
    debugger (1.2.3)
      columnize (>= 0.3.1)
      debugger-linecache (~> 1.1.1)
      debugger-ruby_core_source (~> 1.1.5)
    debugger-linecache (1.1.2)
      debugger-ruby_core_source (>= 1.1.1)
    debugger-ruby_core_source (1.1.6)
    devise (2.1.2)
      bcrypt-ruby (~> 3.0)
      orm_adapter (~> 0.1)
      railties (~> 3.1)
      warden (~> 1.2.1)
    erubis (2.7.0)
    eventmachine (1.0.0)
    execjs (1.4.0)
      multi_json (~> 1.0)
    factory_girl (4.1.0)
      activesupport (>= 3.0.0)
    faker (1.1.2)
      i18n (~> 0.5)
    friendly_id (4.0.9)
    girl_friday (0.11.1)
      connection_pool (~> 0.9.0)
      rubinius-actor
    has_scope (0.5.1)
    highline (1.6.15)
    hike (1.2.1)
    i18n (0.6.1)
    inherited_resources (1.3.1)
      has_scope (~> 0.5.0)
      responders (~> 0.6)
    journey (1.0.4)
    jquery-rails (2.1.4)
      railties (>= 3.0, < 5.0)
      thor (>= 0.14, < 2.0)
    json (1.7.6)
    kaminari (0.14.1)
      actionpack (>= 3.0.0)
      activesupport (>= 3.0.0)
    kaminari-bootstrap (0.1.3)
      kaminari (>= 0.13.0)
      rails
    kgio (2.7.4)
    mail (2.4.4)
      i18n (>= 0.4.0)
      mime-types (~> 1.16)
      treetop (~> 1.4.8)
    meta_request (0.2.0)
      rack-contrib
      rails
    metaclass (0.0.1)
    method_source (0.8.1)
    mime-types (1.19)
    mini_magick (3.4)
      subexec (~> 0.2.1)
    minitest (4.3.3)
    minitest-matchers (1.2.0)
      minitest (>= 2.5.0)
    minitest-rails (0.3)
      minitest (~> 4.0)
      rails (~> 3.0)
    minitest-rails-shoulda (0.3.1)
      minitest-matchers (~> 1.2.0)
      minitest-rails (~> 0.3.0)
      shoulda-matchers (~> 1.4.1)
    mocha (0.10.5)
      metaclass (~> 0.0.1)
    multi_json (1.5.0)
    mysql2 (0.3.11)
    net-scp (1.0.4)
      net-ssh (>= 1.99.1)
    net-sftp (2.0.5)
      net-ssh (>= 2.0.9)
    net-ssh (2.6.2)
    net-ssh-gateway (1.1.0)
      net-ssh (>= 1.99.1)
    orm_adapter (0.4.0)
    polyamorous (0.5.0)
      activerecord (~> 3.0)
    polyglot (0.3.3)
    pry (0.9.10)
      coderay (~> 1.0.5)
      method_source (~> 0.8)
      slop (~> 3.3.1)
    pry-rails (0.2.2)
      pry (>= 0.9.10)
    quiet_assets (1.0.1)
      railties (~> 3.1)
    rack (1.4.1)
    rack-cache (1.2)
      rack (>= 0.4)
    rack-contrib (1.1.0)
      rack (>= 0.9.1)
    rack-ssl (1.3.2)
      rack
    rack-test (0.6.2)
      rack (>= 1.0)
    rails (3.2.9)
      actionmailer (= 3.2.9)
      actionpack (= 3.2.9)
      activerecord (= 3.2.9)
      activeresource (= 3.2.9)
      activesupport (= 3.2.9)
      bundler (~> 1.0)
      railties (= 3.2.9)
    rails_config (0.3.2)
      activesupport (>= 3.0)
    railties (3.2.9)
      actionpack (= 3.2.9)
      activesupport (= 3.2.9)
      rack-ssl (~> 1.3.2)
      rake (>= 0.8.7)
      rdoc (~> 3.4)
      thor (>= 0.14.6, < 2.0)
    raindrops (0.10.0)
    rake (10.0.3)
    rdoc (3.12)
      json (~> 1.4)
    ref (1.0.2)
    responders (0.9.3)
      railties (~> 3.1)
    rubinius-actor (0.0.2)
      rubinius-core-api
    rubinius-core-api (0.0.1)
    sass (3.2.4)
    sass-rails (3.2.5)
      railties (~> 3.2.0)
      sass (>= 3.1.10)
      tilt (~> 1.3)
    seedbank (0.2.0)
    shoulda-matchers (1.4.2)
      activesupport (>= 3.0.0)
      bourne (~> 1.1.2)
    slim (1.3.5)
      temple (~> 0.5.5)
      tilt (~> 1.3.3)
    slim-rails (1.1.0)
      actionpack (>= 3.0, < 4.1)
      activesupport (>= 3.0, < 4.1)
      railties (>= 3.0, < 4.1)
      slim (~> 1.3)
    slop (3.3.3)
    sprockets (2.2.2)
      hike (~> 1.2)
      multi_json (~> 1.0)
      rack (~> 1.0)
      tilt (~> 1.1, != 1.3.0)
    squeel (1.0.14)
      activerecord (~> 3.0)
      activesupport (~> 3.0)
      polyamorous (~> 0.5.0)
    subexec (0.2.2)
    temple (0.5.5)
    therubyracer (0.11.0)
      ref
    thin (1.5.0)
      daemons (>= 1.0.9)
      eventmachine (>= 0.12.6)
      rack (>= 1.0.0)
    thor (0.16.0)
    tilt (1.3.3)
    treetop (1.4.12)
      polyglot
      polyglot (>= 0.3.1)
    turbolinks (0.6.1)
      coffee-rails
    turn (0.9.6)
      ansi
    tzinfo (0.3.35)
    uglifier (1.3.0)
      execjs (>= 0.3.0)
      multi_json (~> 1.0, >= 1.0.2)
    unicorn (4.5.0)
      kgio (~> 2.6)
      rack
      raindrops (~> 0.7)
    warden (1.2.1)
      rack (>= 1.0)

PLATFORMS
  ruby

DEPENDENCIES
  airbrake
  awesome_print
  better_errors
  better_logging
  binding_of_caller
  bootstrap-sass
  capistrano
  carrierwave
  client_side_validations
  coffee-rails (~> 3.2.1)
  database_cleaner
  debugger
  devise
  factory_girl
  faker
  friendly_id
  has_scope
  inherited_resources
  jquery-rails
  kaminari
  kaminari-bootstrap
  meta_request (= 0.2.0)
  mini_magick
  minitest-matchers
  minitest-rails
  minitest-rails-shoulda
  mysql2
  pry-rails
  quiet_assets
  rails (= 3.2.9)
  rails_config
  responders
  sass-rails (~> 3.2.3)
  seedbank
  slim-rails
  squeel
  therubyracer
  thin
  turbolinks
  turn
  uglifier (>= 1.0.3)
  unicorn
